GEM
  remote: https://rubygems.org/
  specs:
    coderay (1.1.0)
    gengo (0.0.6)
      json
      mime-types
      multipart-post
    json (1.8.3)
    method_source (0.8.2)
    mime-types (2.6.1)
    multipart-post (2.0.0)
    pry (0.10.1)
      coderay (~> 1.1.0)
      method_source (~> 0.8.1)
      slop (~> 3.4)
    slop (3.6.0)
    to_md (1.0.0)

PLATFORMS
  ruby

DEPENDENCIES
  gengo
  json
  pry
  to_md

BUNDLED WITH
   1.10.6
